GEM
  remote: https://rubygems.org/
  specs:
    minitest (5.24.1)

PLATFORMS
  arm64-darwin-23
  ruby

DEPENDENCIES
  minitest

BUNDLED WITH
   2.5.6
